GEM
  remote: http://rubygems.org/
  specs:
    activesupport (3.2.8)
      i18n (~> 0.6)
      multi_json (~> 1.0)
    addressable (2.3.2)
    builder (3.0.0)
    cocoapods (0.11.1)
      activesupport (~> 3.2.6)
      colored (~> 1.2)
      escape (~> 0.0.4)
      faraday (~> 0.8.1)
      json (~> 1.7.3)
      octokit (~> 1.7.0)
      open4 (~> 1.3.0)
      rake (~> 0.9.0)
      xcodeproj (>= 0.3.0)
    colored (1.2)
    cucumber (1.2.1)
      builder (>= 2.1.2)
      diff-lcs (>= 1.1.3)
      gherkin (~> 2.11.0)
      json (>= 1.4.6)
    diff-lcs (1.1.3)
    dnssd (2.0)
    escape (0.0.4)
    faraday (0.8.4)
      multipart-post (~> 1.1)
    faraday_middleware (0.8.8)
      faraday (>= 0.7.4, < 0.9)
    frank-cucumber (0.9.4)
      cucumber
      dnssd
      i18n
      json
      plist
      rspec (>= 2.0)
      sim_launcher (= 0.3.8)
      thor
    gherkin (2.11.2)
      json (>= 1.4.6)
    hashie (1.2.0)
    i18n (0.6.0)
    json (1.7.5)
    multi_json (1.3.6)
    multipart-post (1.1.5)
    octokit (1.7.0)
      addressable (~> 2.2)
      faraday (~> 0.8)
      faraday_middleware (~> 0.8)
      hashie (~> 1.2)
      multi_json (~> 1.3)
    open4 (1.3.0)
    plist (3.1.0)
    rack (1.4.1)
    rack-protection (1.2.0)
      rack
    rake (0.9.2.2)
    rspec (2.11.0)
      rspec-core (~> 2.11.0)
      rspec-expectations (~> 2.11.0)
      rspec-mocks (~> 2.11.0)
    rspec-core (2.11.1)
    rspec-expectations (2.11.2)
      diff-lcs (~> 1.1.3)
    rspec-mocks (2.11.2)
    sim_launcher (0.3.8)
      sinatra
    sinatra (1.3.2)
      rack (~> 1.3, >= 1.3.6)
      rack-protection (~> 1.2)
      tilt (~> 1.3, >= 1.3.3)
    thor (0.16.0)
    tilt (1.3.3)
    xcodeproj (0.3.1)
      activesupport (~> 3.2.6)

PLATFORMS
  ruby

DEPENDENCIES
  cocoapods
  frank-cucumber
